GIT
  remote: git://github.com/ossert/ossert.git
  revision: cec28506e3e9d70ad48da60eef71c652d3108b90
  specs:
    ossert (0.1.2)
      activesupport
      graphr
      multi_json
      nokogiri
      octokit (~> 4.0)
      oj
      pg
      rake (~> 10.0)
      redis
      redis-namespace
      sequel
      sidekiq
      sidekiq-unique-jobs

GIT
  remote: git://github.com/sclinede/decisiontree.git
  revision: 85bdc8f209c33328e08554500eb04e25646eebb8
  specs:
    decisiontree (0.5.0)

GIT
  remote: git://github.com/sclinede/sawyer.git
  revision: 46e14a6f68bbaf7061a9b237ea7eb3ead5a2c933
  specs:
    sawyer (0.7.0)
      addressable (>= 2.3.5, < 2.5)
      faraday (~> 0.8, < 0.10)

PATH
  remote: .
  specs:
    ossert-web (0.1.0)
      erubis
      faraday
      puma
      puma_worker_killer
      rake (~> 10.0)
      sass
      sinatra
      sinatra-redis-cache
      slim

GEM
  remote: https://rubygems.org/
  specs:
    activesupport (5.0.0.1)
      concurrent-ruby (~> 1.0, >= 1.0.2)
      i18n (~> 0.7)
      minitest (~> 5.1)
      tzinfo (~> 1.1)
    addressable (2.4.0)
    builder (3.2.2)
    coderay (1.1.1)
    concurrent-ruby (1.0.3)
    connection_pool (2.2.1)
    diff-lcs (1.2.5)
    erubis (2.7.0)
    faraday (0.9.2)
      multipart-post (>= 1.2, < 3)
    get_process_mem (0.2.1)
    graphr (0.2.1)
    i18n (0.7.0)
    method_source (0.8.2)
    mini_portile2 (2.1.0)
    minitest (5.10.1)
    multi_json (1.12.1)
    multipart-post (2.0.0)
    nokogiri (1.6.8.1)
      mini_portile2 (~> 2.1.0)
    octokit (4.4.1)
      sawyer (~> 0.7.0, >= 0.5.3)
    oj (2.18.0)
    pg (0.19.0)
    pry (0.10.4)
      coderay (~> 1.1.0)
      method_source (~> 0.8.1)
      slop (~> 3.4)
    puma (3.6.0)
    puma_worker_killer (0.0.7)
      get_process_mem (~> 0.2)
      puma (>= 2.7, < 4)
    rack (1.6.4)
    rack-protection (1.5.3)
      rack
    rake (10.5.0)
    redis (3.3.1)
    redis-namespace (1.5.2)
      redis (~> 3.0, >= 3.0.4)
    rspec (3.5.0)
      rspec-core (~> 3.5.0)
      rspec-expectations (~> 3.5.0)
      rspec-mocks (~> 3.5.0)
    rspec-core (3.5.4)
      rspec-support (~> 3.5.0)
    rspec-expectations (3.5.0)
      diff-lcs (>= 1.2.0, < 2.0)
      rspec-support (~> 3.5.0)
    rspec-mocks (3.5.0)
      diff-lcs (>= 1.2.0, < 2.0)
      rspec-support (~> 3.5.0)
    rspec-support (3.5.0)
    sass (3.4.22)
    sequel (4.41.0)
    sidekiq (4.2.7)
      concurrent-ruby (~> 1.0)
      connection_pool (~> 2.2, >= 2.2.0)
      rack-protection (>= 1.5.0)
      redis (~> 3.2, >= 3.2.1)
    sidekiq-unique-jobs (4.0.18)
      sidekiq (>= 2.6)
      thor
    sinatra (1.4.7)
      rack (~> 1.5)
      rack-protection (~> 1.4)
      tilt (>= 1.3, < 3)
    sinatra-redis-cache (0.2.0)
      rake (~> 10.0)
      redis (~> 3.0)
      sinatra (~> 1.3)
    sitemap_generator (5.2.0)
      builder (~> 3.0)
    slim (3.0.7)
      temple (~> 0.7.6)
      tilt (>= 1.3.3, < 2.1)
    slop (3.6.0)
    temple (0.7.7)
    thor (0.19.4)
    thread_safe (0.3.5)
    tilt (2.0.5)
    tzinfo (1.2.2)
      thread_safe (~> 0.1)

PLATFORMS
  ruby

DEPENDENCIES
  bundler (~> 1.12)
  decisiontree!
  ossert!
  ossert-web!
  pry
  rspec (~> 3.0)
  sawyer!
  sitemap_generator

BUNDLED WITH
   1.13.6
