GIT
  remote: https://github.com/gbuesing/kmeans-clusterer.git
  revision: 57f28a49bdedd7d698ac88f7d590b77a08c1f099
  specs:
    kmeans-clusterer (0.11.4)
      narray (~> 0.6)

GIT
  remote: https://github.com/ossert/ossert.git
  revision: dcd2bccddba852adc88cd516da20d64a7ce1c9b2
  specs:
    ossert (0.1.2)
      activesupport
      gnuplot
      graphr
      json-schema
      multi_json
      nokogiri
      octokit (~> 4.0)
      oj
      pg
      rake (~> 10.0)
      redis
      redis-namespace
      sequel (< 5)
      sidekiq
      sidekiq-unique-jobs
      twitter

GIT
  remote: https://github.com/sclinede/decisiontree.git
  revision: 85bdc8f209c33328e08554500eb04e25646eebb8
  specs:
    decisiontree (0.5.0)

GIT
  remote: https://github.com/sclinede/sawyer.git
  revision: 46e14a6f68bbaf7061a9b237ea7eb3ead5a2c933
  specs:
    sawyer (0.7.0)
      addressable (>= 2.3.5, < 2.5)
      faraday (~> 0.8, < 0.10)

PATH
  remote: .
  specs:
    ossert-web (0.1.0)
      dotenv
      erubis
      faraday
      pry
      puma
      rake (~> 10.0)
      sass
      sinatra
      sinatra-redis-cache
      slim

GEM
  remote: https://rubygems.org/
  specs:
    activesupport (5.2.3)
      concurrent-ruby (~> 1.0, >= 1.0.2)
      i18n (>= 0.7, < 2)
      minitest (~> 5.1)
      tzinfo (~> 1.1)
    addressable (2.4.0)
    airbrussh (1.1.2)
      sshkit (>= 1.6.1, != 1.7.0)
    buftok (0.2.0)
    builder (3.2.3)
    capistrano (3.7.1)
      airbrussh (>= 1.0.0)
      capistrano-harrow
      i18n
      rake (>= 10.0.0)
      sshkit (>= 1.9.0)
    capistrano-bundler (1.2.0)
      capistrano (~> 3.1)
      sshkit (~> 1.2)
    capistrano-ext (1.2.1)
      capistrano (>= 1.0.0)
    capistrano-friday (0.1.0)
      capistrano (~> 3.0)
      colorize
    capistrano-harrow (0.5.3)
    capistrano-rbenv (2.1.0)
      capistrano (~> 3.1)
      sshkit (~> 1.3)
    capistrano_colors (0.5.5)
    capybara (2.11.0)
      addressable
      mime-types (>= 1.16)
      nokogiri (>= 1.3.3)
      rack (>= 1.0.0)
      rack-test (>= 0.5.4)
      xpath (~> 2.0)
    capybara-screenshot (1.0.14)
      capybara (>= 1.0, < 3)
      launchy
    chronic (0.10.2)
    cliver (0.3.2)
    coderay (1.1.2)
    colorize (0.8.1)
    concurrent-ruby (1.1.5)
    connection_pool (2.2.2)
    crack (0.4.3)
      safe_yaml (~> 1.0.0)
    diff-lcs (1.2.5)
    domain_name (0.5.20190701)
      unf (>= 0.0.5, < 1.0.0)
    dotenv (2.7.5)
    equalizer (0.0.11)
    erubis (2.7.0)
    faraday (0.9.2)
      multipart-post (>= 1.2, < 3)
    ffi (1.11.1)
    gnuplot (2.6.2)
    graphr (0.2.1)
    hashdiff (0.3.2)
    http (3.3.0)
      addressable (~> 2.3)
      http-cookie (~> 1.0)
      http-form_data (~> 2.0)
      http_parser.rb (~> 0.6.0)
    http-cookie (1.0.3)
      domain_name (~> 0.5)
    http-form_data (2.1.1)
    http_parser.rb (0.6.0)
    i18n (0.7.0)
    json-schema (2.8.1)
      addressable (>= 2.4)
    jwt (2.2.1)
    launchy (2.4.3)
      addressable (~> 2.3)
    memoizable (0.4.2)
      thread_safe (~> 0.3, >= 0.3.1)
    method_source (0.9.2)
    mime-types (3.1)
      mime-types-data (~> 3.2015)
    mime-types-data (3.2016.0521)
    mini_portile2 (2.1.0)
    minitest (5.13.0)
    multi_json (1.14.1)
    multi_xml (0.6.0)
    multipart-post (2.0.0)
    narray (0.6.1.2)
    naught (1.1.0)
    net-scp (1.2.1)
      net-ssh (>= 2.6.5)
    net-ssh (4.0.1)
    nio4r (2.5.2)
    nokogiri (1.7.0.1)
      mini_portile2 (~> 2.1.0)
    oauth2 (1.4.1)
      faraday (>= 0.8, < 0.16.0)
      jwt (>= 1.0, < 3.0)
      multi_json (~> 1.3)
      multi_xml (~> 0.5)
      rack (>= 1.2, < 3)
    octokit (4.4.1)
      sawyer (~> 0.7.0, >= 0.5.3)
    oj (3.9.2)
    pg (1.1.4)
    poltergeist (1.12.0)
      capybara (~> 2.1)
      cliver (~> 0.3.1)
      websocket-driver (>= 0.2.0)
    pry (0.12.2)
      coderay (~> 1.1.0)
      method_source (~> 0.9.0)
    puma (4.2.1)
      nio4r (~> 2.0)
    rack (1.6.11)
    rack-protection (1.5.3)
      rack
    rack-test (0.6.3)
      rack (>= 1.0)
    rake (10.5.0)
    rb-fsevent (0.10.3)
    rb-inotify (0.10.0)
      ffi (~> 1.0)
    redis (3.3.2)
    redis-namespace (1.6.0)
      redis (>= 3.0.4)
    rspec (3.5.0)
      rspec-core (~> 3.5.0)
      rspec-expectations (~> 3.5.0)
      rspec-mocks (~> 3.5.0)
    rspec-core (3.5.4)
      rspec-support (~> 3.5.0)
    rspec-expectations (3.5.0)
      diff-lcs (>= 1.2.0, < 2.0)
      rspec-support (~> 3.5.0)
    rspec-mocks (3.5.0)
      diff-lcs (>= 1.2.0, < 2.0)
      rspec-support (~> 3.5.0)
    rspec-support (3.5.0)
    safe_yaml (1.0.4)
    sass (3.7.4)
      sass-listen (~> 4.0.0)
    sass-listen (4.0.0)
      rb-fsevent (~> 0.9, >= 0.9.4)
      rb-inotify (~> 0.9, >= 0.9.7)
    sequel (4.49.0)
    sidekiq (4.2.10)
      concurrent-ruby (~> 1.0)
      connection_pool (~> 2.2, >= 2.2.0)
      rack-protection (>= 1.5.0)
      redis (~> 3.2, >= 3.2.1)
    sidekiq-unique-jobs (6.0.15)
      concurrent-ruby (~> 1.0, >= 1.0.5)
      sidekiq (>= 4.0, < 7.0)
      thor (~> 0)
    simple_oauth (0.3.1)
    sinatra (1.4.8)
      rack (~> 1.5)
      rack-protection (~> 1.4)
      tilt (>= 1.3, < 3)
    sinatra-redis-cache (0.2.0)
      rake (~> 10.0)
      redis (~> 3.0)
      sinatra (~> 1.3)
    sitemap_generator (5.2.0)
      builder (~> 3.0)
    slim (4.0.1)
      temple (>= 0.7.6, < 0.9)
      tilt (>= 2.0.6, < 2.1)
    sshkit (1.11.5)
      net-scp (>= 1.1.2)
      net-ssh (>= 2.8.0)
    temple (0.8.2)
    thor (0.20.3)
    thread_safe (0.3.6)
    tilt (2.0.10)
    timecop (0.8.1)
    twitter (6.2.0)
      addressable (~> 2.3)
      buftok (~> 0.2.0)
      equalizer (~> 0.0.11)
      http (~> 3.0)
      http-form_data (~> 2.0)
      http_parser.rb (~> 0.6.0)
      memoizable (~> 0.4.0)
      multipart-post (~> 2.0)
      naught (~> 1.0)
      simple_oauth (~> 0.3.0)
    tzinfo (1.2.5)
      thread_safe (~> 0.1)
    unf (0.1.4)
      unf_ext
    unf_ext (0.0.7.6)
    vcr (3.0.3)
    webmock (2.3.2)
      addressable (>= 2.3.6)
      crack (>= 0.3.2)
      hashdiff
    websocket-driver (0.6.4)
      websocket-extensions (>= 0.1.0)
    websocket-extensions (0.1.2)
    whenever (0.9.7)
      chronic (>= 0.6.3)
    xpath (2.0.0)
      nokogiri (~> 1.3)

PLATFORMS
  ruby

DEPENDENCIES
  bundler (~> 2.0.2)
  capistrano
  capistrano-bundler
  capistrano-ext
  capistrano-friday
  capistrano-rbenv
  capistrano_colors
  capybara
  capybara-screenshot
  decisiontree!
  kmeans-clusterer!
  oauth2
  ossert!
  ossert-web!
  poltergeist
  rspec (~> 3.0)
  sawyer!
  sitemap_generator
  timecop
  vcr
  webmock
  whenever

BUNDLED WITH
   2.0.2
